GEM
  remote: http://rubygems.org/
  specs:
    addressable (2.2.6)
    buckshot (0.2.0)
      shotgun
      thin
    daemons (1.1.4)
    eventmachine (0.12.10)
    faraday (0.6.1)
      addressable (~> 2.2.4)
      multipart-post (~> 1.1.0)
      rack (>= 1.1.0, < 2)
    faraday-stack (0.1.3)
      faraday (~> 0.6)
    faraday_middleware (0.6.5)
      faraday (~> 0.6.0)
    foreman (0.19.0)
      term-ansicolor (~> 1.0.5)
      thor (>= 0.13.6)
    growl (1.0.3)
    guard (0.5.1)
      thor (~> 0.14.6)
    guard-minitest (0.4.0)
      guard (~> 0.4)
    hashie (1.0.0)
    heroku (2.4.0)
      launchy (>= 0.3.2)
      rest-client (~> 1.6.1)
      term-ansicolor (~> 1.0.5)
    launchy (2.0.4)
      addressable (~> 2.2.6)
    mime-types (1.16)
    minitest (2.2.2)
    multi_json (1.0.3)
    multipart-post (1.1.3)
    nokogiri (1.5.0)
    rack (1.3.2)
    rack-test (0.6.1)
      rack (>= 1.0)
    rb-fsevent (0.4.1)
    rest-client (1.6.3)
      mime-types (>= 1.16)
    shotgun (0.9)
      rack (>= 1.0)
    sinatra (1.2.6)
      rack (~> 1.1)
      tilt (>= 1.2.2, < 2.0)
    term-ansicolor (1.0.6)
    thin (1.2.11)
      daemons (>= 1.0.9)
      eventmachine (>= 0.12.6)
      rack (>= 1.0.0)
    thor (0.14.6)
    tilt (1.3.2)
    yajl-ruby (0.8.2)

PLATFORMS
  ruby

DEPENDENCIES
  buckshot
  faraday
  faraday-stack
  faraday_middleware
  foreman
  growl
  guard
  guard-minitest (= 0.4.0)
  hashie
  heroku
  minitest (= 2.2.2)
  multi_json
  nokogiri
  rack
  rack-test
  rb-fsevent
  shotgun
  sinatra
  thin
  yajl-ruby
